GEM
  remote: https://rubygems.org/
  specs:
    mime (0.4.4)
    mime-types (3.1)
      mime-types-data (~> 3.2015)
    mime-types-data (3.2016.0521)
    mini_exiftool (2.9.0)
    mini_portile2 (2.3.0)
    nokogiri (1.8.2)
      mini_portile2 (~> 2.3.0)
    spider (0.5.3)
    zip (2.0.2)

PLATFORMS
  ruby

DEPENDENCIES
  mime
  mime-types
  mini_exiftool
  nokogiri
  spider
  zip

BUNDLED WITH
   1.16.1
